GEM
  remote: https://rubygems.org/
  specs:
    ZenTest (4.11.2)
    addressable (2.8.0)
      public_suffix (>= 2.0.2, < 5.0)
    async (1.30.1)
      console (~> 1.10)
      nio4r (~> 2.3)
      timers (~> 4.1)
    async-container (0.16.12)
      async
      async-io
    async-http (0.56.5)
      async (>= 1.25)
      async-io (>= 1.28)
      async-pool (>= 0.2)
      protocol-http (~> 0.22.0)
      protocol-http1 (~> 0.14.0)
      protocol-http2 (~> 0.14.0)
    async-http-cache (0.4.2)
      async-http (~> 0.56)
    async-io (1.32.2)
      async
    async-pool (0.3.9)
      async (>= 1.25)
    build-environment (1.13.0)
    builder (3.2.4)
    byebug (11.0.0)
    capybara (3.1.0)
      addressable
      mini_mime (>= 0.1.3)
      nokogiri (~> 1.8)
      rack (>= 1.6.0)
      rack-test (>= 0.6.3)
      xpath (~> 3.0)
    celluloid (0.18.0)
      timers (~> 4)
    console (1.13.1)
      fiber-local
    crack (0.4.5)
      rexml
    cucumber (2.0.0)
      builder (>= 2.1.2)
      cucumber-core (~> 1.1.3)
      diff-lcs (>= 1.1.3)
      gherkin (~> 2.12)
      multi_json (>= 1.7.5, < 2.0)
      multi_test (>= 0.1.2)
    cucumber-core (1.1.3)
      gherkin (~> 2.12.0)
    cucumber-sinatra (0.5.0)
      templater (>= 1.0.0)
    daemons (1.4.1)
    diff-lcs (1.4.4)
    docile (1.4.0)
    eventmachine (1.2.7-x64-mingw32)
    extlib (0.9.16)
    falcon (0.39.2)
      async
      async-container (~> 0.16.0)
      async-http (~> 0.56.0)
      async-http-cache (~> 0.4.0)
      async-io (~> 1.22)
      build-environment (~> 1.13)
      bundler
      localhost (~> 1.1)
      process-metrics (~> 0.2.0)
      rack (>= 1.0)
      samovar (~> 2.1)
    ffi (1.15.4-x64-mingw32)
    fiber-local (1.0.0)
    gherkin (2.12.2)
      multi_json (~> 1.3)
    hashdiff (1.0.1)
    highline (2.0.3)
    json (2.6.0)
    launchy (2.4.3)
      addressable (~> 2.3)
    listen (2.9.0)
      celluloid (>= 0.15.2)
      rb-fsevent (>= 0.9.3)
      rb-inotify (>= 0.9)
    localhost (1.1.9)
    mapping (1.1.1)
    mini_mime (1.1.2)
    multi_json (1.15.0)
    multi_test (0.1.2)
    mustermann (1.1.1)
      ruby2_keywords (~> 0.0.1)
    nio4r (2.5.8)
    nokogiri (1.12.5-x64-mingw32)
      racc (~> 1.4)
    process-metrics (0.2.1)
      console (~> 1.8)
      samovar (~> 2.1)
    protocol-hpack (1.4.2)
    protocol-http (0.22.5)
    protocol-http1 (0.14.2)
      protocol-http (~> 0.22)
    protocol-http2 (0.14.2)
      protocol-hpack (~> 1.4)
      protocol-http (~> 0.18)
    public_suffix (4.0.6)
    puma (5.5.2)
      nio4r (~> 2.0)
    racc (1.6.0)
    rack (2.2.3)
    rack-protection (2.1.0)
      rack
    rack-test (0.6.3)
      rack (>= 1.0)
    rack_session_access (0.1.1)
      builder (>= 2.0.0)
      rack (>= 1.0.0)
    rb-fsevent (0.11.0)
    rb-inotify (0.10.1)
      ffi (~> 1.0)
    rerun (0.10.0)
      listen (~> 2.7, >= 2.7.3)
    rexml (3.2.5)
    rspec (3.3.0)
      rspec-core (~> 3.3.0)
      rspec-expectations (~> 3.3.0)
      rspec-mocks (~> 3.3.0)
    rspec-autotest (1.0.0)
      rspec-core (>= 2.99.0.beta1, < 4.0.0)
    rspec-core (3.3.2)
      rspec-support (~> 3.3.0)
    rspec-expectations (3.3.1)
      diff-lcs (>= 1.2.0, < 2.0)
      rspec-support (~> 3.3.0)
    rspec-mocks (3.3.2)
      diff-lcs (>= 1.2.0, < 2.0)
      rspec-support (~> 3.3.0)
    rspec-support (3.3.0)
    ruby2_keywords (0.0.5)
    samovar (2.1.4)
      console (~> 1.0)
      mapping (~> 1.0)
    simplecov (0.16.1)
      docile (~> 1.1)
      json (>= 1.8, < 3)
      simplecov-html (~> 0.10.0)
    simplecov-html (0.10.2)
    sinatra (2.1.0)
      mustermann (~> 1.0)
      rack (~> 2.2)
      rack-protection (= 2.1.0)
      tilt (~> 2.0)
    sinatra-flash (0.3.0)
      sinatra (>= 1.0.0)
    templater (1.0.0)
      diff-lcs (>= 1.1.2)
      extlib (>= 0.9.5)
      highline (>= 1.4.0)
    thin (1.8.1)
      daemons (~> 1.0, >= 1.0.9)
      eventmachine (~> 1.0, >= 1.0.4)
      rack (>= 1, < 3)
    tilt (2.0.10)
    timers (4.3.3)
    webmock (3.3.0)
      addressable (>= 2.3.6)
      crack (>= 0.3.2)
      hashdiff
    webrick (1.7.0)
    xpath (3.2.0)
      nokogiri (~> 1.8)

PLATFORMS
  x64-mingw32

DEPENDENCIES
  ZenTest (= 4.11.2)
  byebug (= 11.0.0)
  capybara (= 3.1)
  cucumber (= 2.0.0)
  cucumber-sinatra (= 0.5.0)
  falcon
  launchy (= 2.4.3)
  puma
  rack-test (= 0.6.3)
  rack_session_access (= 0.1.1)
  rerun (= 0.10.0)
  rspec (= 3.3.0)
  rspec-autotest (= 1.0.0)
  simplecov (= 0.16.1)
  sinatra (>= 2.0.2)
  sinatra-flash (= 0.3.0)
  thin
  webmock (= 3.3.0)
  webrick

RUBY VERSION
   ruby 3.0.2p107

BUNDLED WITH
   2.2.29
